GIT
  remote: git://github.com/hparra/ruby-serialport.git
  revision: 709e385f6d20aaadc7f3252af59250336d27e607
  specs:
    serialport (1.1.0)

GEM
  remote: https://rubygems.org/
  specs:
    coffee-script (2.2.0)
      coffee-script-source
      execjs
    coffee-script-source (1.6.3)
    daemons (1.1.9)
    em-websocket (0.5.0)
      eventmachine (>= 0.12.9)
      http_parser.rb (~> 0.5.3)
    eventmachine (1.0.3)
    execjs (1.4.0)
      multi_json (~> 1.0)
    ffi (1.9.0)
    haml (4.0.3)
      tilt
    hike (1.2.3)
    http_parser.rb (0.5.3)
    multi_json (1.7.9)
    rack (1.5.2)
    sass (3.2.10)
    sprockets (2.10.0)
      hike (~> 1.2)
      multi_json (~> 1.0)
      rack (~> 1.0)
      tilt (~> 1.1, != 1.3.0)
    thin (1.5.1)
      daemons (>= 1.0.9)
      eventmachine (>= 0.12.6)
      rack (>= 1.0.0)
    tilt (1.4.1)
    trollop (2.0)

PLATFORMS
  ruby

DEPENDENCIES
  coffee-script
  em-websocket
  eventmachine
  ffi
  haml
  sass
  serialport!
  sprockets
  thin
  trollop
